GIT
  remote: https://github.com/randym/axlsx.git
  revision: c8ac844572b25fda358cc01d2104720c4c42f450
  ref: c8ac844
  specs:
    axlsx (2.1.0.pre)
      htmlentities (~> 4.3.4)
      mimemagic (~> 0.3)
      nokogiri (>= 1.6.6)
      rubyzip (>= 1.2.1)

GEM
  remote: https://rubygems.org/
  specs:
    actioncable (6.0.2.2)
      actionpack (= 6.0.2.2)
      nio4r (~> 2.0)
      websocket-driver (>= 0.6.1)
    actionmailbox (6.0.2.2)
      actionpack (= 6.0.2.2)
      activejob (= 6.0.2.2)
      activerecord (= 6.0.2.2)
      activestorage (= 6.0.2.2)
      activesupport (= 6.0.2.2)
      mail (>= 2.7.1)
    actionmailer (6.0.2.2)
      actionpack (= 6.0.2.2)
      actionview (= 6.0.2.2)
      activejob (= 6.0.2.2)
      mail (~> 2.5, >= 2.5.4)
      rails-dom-testing (~> 2.0)
    actionpack (6.0.2.2)
      actionview (= 6.0.2.2)
      activesupport (= 6.0.2.2)
      rack (~> 2.0, >= 2.0.8)
      rack-test (>= 0.6.3)
      rails-dom-testing (~> 2.0)
      rails-html-sanitizer (~> 1.0, >= 1.2.0)
    actiontext (6.0.2.2)
      actionpack (= 6.0.2.2)
      activerecord (= 6.0.2.2)
      activestorage (= 6.0.2.2)
      activesupport (= 6.0.2.2)
      nokogiri (>= 1.8.5)
    actionview (6.0.2.2)
      activesupport (= 6.0.2.2)
      builder (~> 3.1)
      erubi (~> 1.4)
      rails-dom-testing (~> 2.0)
      rails-html-sanitizer (~> 1.1, >= 1.2.0)
    activejob (6.0.2.2)
      activesupport (= 6.0.2.2)
      globalid (>= 0.3.6)
    activemodel (6.0.2.2)
      activesupport (= 6.0.2.2)
    activerecord (6.0.2.2)
      activemodel (= 6.0.2.2)
      activesupport (= 6.0.2.2)
    activestorage (6.0.2.2)
      actionpack (= 6.0.2.2)
      activejob (= 6.0.2.2)
      activerecord (= 6.0.2.2)
      marcel (~> 0.3.1)
    activesupport (6.0.2.2)
      concurrent-ruby (~> 1.0, >= 1.0.2)
      i18n (>= 0.7, < 2)
      minitest (~> 5.1)
      tzinfo (~> 1.1)
      zeitwerk (~> 2.2)
    addressable (2.7.0)
      public_suffix (>= 2.0.2, < 5.0)
    airbrussh (1.4.0)
      sshkit (>= 1.6.1, != 1.7.0)
    autoprefixer-rails (9.7.6)
      execjs
    aws_cf_signer (0.1.3)
    axlsx_rails (0.6.1)
      actionpack (>= 3.1)
      caxlsx (>= 3.0)
    binding_of_caller (0.8.0)
      debug_inspector (>= 0.0.1)
    bootstrap-datepicker-rails (1.9.0.1)
      railties (>= 3.0)
    bootstrap-sass (3.4.1)
      autoprefixer-rails (>= 5.2.1)
      sassc (>= 2.0.0)
    builder (3.2.4)
    cancancan (1.17.0)
    capistrano (3.13.0)
      airbrussh (>= 1.0.0)
      i18n
      rake (>= 10.0.0)
      sshkit (>= 1.9.0)
    capistrano-bundler (1.1.4)
      capistrano (~> 3.1)
      sshkit (~> 1.2)
    capistrano-passenger (0.2.0)
      capistrano (~> 3.0)
    capistrano-rails (1.4.0)
      capistrano (~> 3.1)
      capistrano-bundler (~> 1.1)
    capistrano-rvm (0.1.2)
      capistrano (~> 3.0)
      sshkit (~> 1.2)
    caxlsx (3.0.1)
      htmlentities (~> 4.3, >= 4.3.4)
      mimemagic (~> 0.3)
      nokogiri (~> 1.10, >= 1.10.4)
      rubyzip (>= 1.3.0, < 3)
    cloudinary (1.13.2)
      aws_cf_signer
      rest-client
    cocoon (1.2.14)
    concurrent-ruby (1.1.6)
    crass (1.0.6)
    data-confirm-modal (1.6.3)
      railties (>= 3.0)
    debase (0.2.4.1)
      debase-ruby_core_source (>= 0.10.2)
    debase-ruby_core_source (0.10.9)
    debug_inspector (0.0.3)
    domain_name (0.5.20190701)
      unf (>= 0.0.5, < 1.0.0)
    erubi (1.9.0)
    execjs (2.7.0)
    faraday (1.0.1)
      multipart-post (>= 1.2, < 3)
    ffi (1.12.2)
    figaro (1.1.1)
      thor (~> 0.14)
    globalid (0.4.2)
      activesupport (>= 4.2.0)
    has_secure_token (1.0.0)
      activerecord (>= 3.0)
    hashie (4.1.0)
    htmlentities (4.3.4)
    http-accept (1.7.0)
    http-cookie (1.0.3)
      domain_name (~> 0.5)
    i18n (1.8.2)
      concurrent-ruby (~> 1.0)
    jbuilder (2.10.0)
      activesupport (>= 5.0.0)
    jquery-hotkeys-rails (0.7.9.1)
      railties (>= 3.1)
    jquery-rails (4.3.5)
      rails-dom-testing (>= 1, < 3)
      railties (>= 4.2.0)
      thor (>= 0.14, < 2.0)
    jquery-ui-rails (6.0.1)
      railties (>= 3.2.16)
    json (1.8.6)
    jwt (2.2.1)
    koala (2.5.0)
      addressable
      faraday
    listen (3.2.1)
      rb-fsevent (~> 0.10, >= 0.10.3)
      rb-inotify (~> 0.9, >= 0.9.10)
    loofah (2.5.0)
      crass (~> 1.0.2)
      nokogiri (>= 1.5.9)
    mail (2.7.1)
      mini_mime (>= 0.1.1)
    marcel (0.3.3)
      mimemagic (~> 0.3.2)
    method_source (1.0.0)
    mime-types (3.3.1)
      mime-types-data (~> 3.2015)
    mime-types-data (3.2020.0425)
    mimemagic (0.3.4)
    mini_mime (1.0.2)
    mini_portile2 (2.4.0)
    minitest (5.14.0)
    multi_json (1.14.1)
    multi_xml (0.6.0)
    multipart-post (2.1.1)
    mysql2 (0.4.10)
    net-scp (3.0.0)
      net-ssh (>= 2.6.5, < 7.0.0)
    net-ssh (6.0.2)
    netrc (0.11.0)
    nio4r (2.5.2)
    nokogiri (1.10.9)
      mini_portile2 (~> 2.4.0)
    oauth2 (1.4.4)
      faraday (>= 0.8, < 2.0)
      jwt (>= 1.0, < 3.0)
      multi_json (~> 1.3)
      multi_xml (~> 0.5)
      rack (>= 1.2, < 3)
    omniauth (1.9.1)
      hashie (>= 3.4.6)
      rack (>= 1.6.2, < 3)
    omniauth-facebook (6.0.0)
      omniauth-oauth2 (~> 1.2)
    omniauth-oauth2 (1.6.0)
      oauth2 (~> 1.1)
      omniauth (~> 1.9)
    public_suffix (4.0.4)
    rack (2.2.2)
    rack-proxy (0.6.5)
      rack
    rack-test (1.1.0)
      rack (>= 1.0, < 3)
    rails (6.0.2.2)
      actioncable (= 6.0.2.2)
      actionmailbox (= 6.0.2.2)
      actionmailer (= 6.0.2.2)
      actionpack (= 6.0.2.2)
      actiontext (= 6.0.2.2)
      actionview (= 6.0.2.2)
      activejob (= 6.0.2.2)
      activemodel (= 6.0.2.2)
      activerecord (= 6.0.2.2)
      activestorage (= 6.0.2.2)
      activesupport (= 6.0.2.2)
      bundler (>= 1.3.0)
      railties (= 6.0.2.2)
      sprockets-rails (>= 2.0.0)
    rails-dom-testing (2.0.3)
      activesupport (>= 4.2.0)
      nokogiri (>= 1.6)
    rails-html-sanitizer (1.3.0)
      loofah (~> 2.3)
    railties (6.0.2.2)
      actionpack (= 6.0.2.2)
      activesupport (= 6.0.2.2)
      method_source
      rake (>= 0.8.7)
      thor (>= 0.20.3, < 2.0)
    rake (13.0.1)
    rb-fsevent (0.10.4)
    rb-inotify (0.10.1)
      ffi (~> 1.0)
    rdoc (4.3.0)
    rest-client (2.1.0)
      http-accept (>= 1.7.0, < 2.0)
      http-cookie (>= 1.0.2, < 2.0)
      mime-types (>= 1.16, < 4.0)
      netrc (~> 0.8)
    ruby-debug-ide (0.7.2)
      rake (>= 0.8.1)
    rubyzip (2.3.0)
    sass-rails (6.0.0)
      sassc-rails (~> 2.1, >= 2.1.1)
    sassc (2.3.0)
      ffi (~> 1.9)
    sassc-rails (2.1.2)
      railties (>= 4.0.0)
      sassc (>= 2.0)
      sprockets (> 3.0)
      sprockets-rails
      tilt
    sdoc (0.4.2)
      json (~> 1.7, >= 1.7.7)
      rdoc (~> 4.0)
    semantic_range (2.3.0)
    spring (2.1.0)
    sprockets (4.0.0)
      concurrent-ruby (~> 1.0)
      rack (> 1, < 3)
    sprockets-rails (3.2.1)
      actionpack (>= 4.0)
      activesupport (>= 4.0)
      sprockets (>= 3.0.0)
    sqlite3 (1.4.2)
    sshkit (1.21.0)
      net-scp (>= 1.1.2)
      net-ssh (>= 2.8.0)
    thor (0.20.3)
    thread_safe (0.3.6)
    tilt (2.0.10)
    timeliness (0.4.4)
    tzinfo (1.2.7)
      thread_safe (~> 0.1)
    unf (0.1.4)
      unf_ext
    unf_ext (0.0.7.7)
    validates_timeliness (4.1.1)
      timeliness (>= 0.3.10, < 1)
    web-console (2.3.0)
      activemodel (>= 4.0)
      binding_of_caller (>= 0.7.2)
      railties (>= 4.0)
      sprockets-rails (>= 2.0, < 4.0)
    webpacker (5.1.1)
      activesupport (>= 5.2)
      rack-proxy (>= 0.6.1)
      railties (>= 5.2)
      semantic_range (>= 2.3.0)
    websocket-driver (0.7.1)
      websocket-extensions (>= 0.1.0)
    websocket-extensions (0.1.4)
    zeitwerk (2.3.0)

PLATFORMS
  ruby

DEPENDENCIES
  axlsx!
  axlsx_rails
  bootstrap-datepicker-rails
  bootstrap-sass (~> 3.4.1)
  cancancan (~> 1.10)
  capistrano (~> 3.1)
  capistrano-bundler (~> 1.1.2)
  capistrano-passenger
  capistrano-rails (~> 1.1)
  capistrano-rvm
  cloudinary
  cocoon
  data-confirm-modal
  debase
  figaro
  has_secure_token
  jbuilder (~> 2.0)
  jquery-hotkeys-rails
  jquery-rails
  jquery-ui-rails
  koala (~> 2.2)
  listen (~> 3.0)
  mysql2 (~> 0.4.0)
  omniauth-facebook
  rails (= 6.0.2.2)
  ruby-debug-ide
  rubyzip (>= 1.2.1)
  sass-rails (~> 6.0)
  sdoc (~> 0.4.0)
  spring
  sqlite3 (~> 1.4.2)
  validates_timeliness (~> 4.0)
  web-console (~> 2.0)
  webpacker

BUNDLED WITH
   2.1.4
